GEM
  remote: https://rubygems.org/
  specs:
    rainbow (2.0.0)
    sass (3.4.9)
    scss-lint (0.30.0)
      rainbow (~> 2.0)
      sass (~> 3.4.0)
    terminal-notifier (1.6.2)

PLATFORMS
  ruby

DEPENDENCIES
  scss-lint (~> 0.30.0)
  terminal-notifier (~> 1.6.2)
